GEM
  remote: https://rubygems.org/
  specs:
    rake (13.0.1)

PLATFORMS
  x64-mingw32

DEPENDENCIES
  rake

BUNDLED WITH
   1.17.2
